NUGET
  remote: http://nuget.org/api/v2
  specs:
    CommandLineParser (1.9.71)
    FAKE (3.14.0)
    FSharp.Compiler.Service (0.0.81)
    FSharpVSPowerTools.Core (1.7.0)
      FSharp.Compiler.Service (>= 0.0.81)
    Microsoft.AspNet.Razor (2.0.30506.0)
    NuGet.CommandLine (2.8.3)
    NUnit (2.6.4)
    NUnit.Runners (2.6.4)
    RazorEngine (3.5.0)
      Microsoft.AspNet.Razor (>= 3.0.0) - >= net45
      Microsoft.AspNet.Razor (2.0.30506.0) - >= net40 < net45
